GEM
  remote: https://rubygems.org/
  specs:
    sequel (4.47.0)
    sqlite3 (1.3.13)

PLATFORMS
  ruby

DEPENDENCIES
  sequel
  sqlite3

BUNDLED WITH
   1.15.1
